PATH
  remote: .
  specs:
    rmq_alerts (0.2)
      ruby_motion_query (>= 0.9.0)

GEM
  remote: https://rubygems.org/
  specs:
    rake (10.3.2)
    ruby_motion_query (1.1.0)

PLATFORMS
  ruby

DEPENDENCIES
  rake
  rmq_alerts!
